GIT
  remote: git://github.com/audionerd/draper.git
  revision: e816e0e5876b76c648c0928f1c3f2aa2c7a3d1f2
  branch: rails5
  specs:
    draper (2.1.0)
      actionpack (>= 3.0)
      activemodel (>= 3.0)
      activesupport (>= 3.0)
      request_store (~> 1.0)

GIT
  remote: git://github.com/plataformatec/devise.git
  revision: cc02d06c5823c667a53c52f6dddafe3109450d7d
  specs:
    devise (4.0.0.pre.dev)
      bcrypt (~> 3.0)
      orm_adapter (~> 0.1)
      railties (>= 4.1.0, < 5.1)
      responders
      warden (~> 1.2.3)

GIT
  remote: git://github.com/rack/rack.git
  revision: f3a108619037d7f1e51230a8437af8f23764eca7
  specs:
    rack (2.0.0.alpha)
      json

GIT
  remote: git://github.com/rails/activemodel-serializers-xml.git
  revision: 1f72d9507c91b1cda10d1d20eac2b74dd6d9d4b9
  specs:
    activemodel-serializers-xml (0.1.0)
      activemodel
      activerecord
      activesupport

GIT
  remote: https://github.com/DavyJonesLocker/client_side_validations
  revision: 28561bc23da13b8124a675e406236bdbae7b1a4c
  branch: rails5
  specs:
    client_side_validations (5.0.0)
      jquery-rails (~> 4.0, >= 4.0.1)
      js_regex (~> 1.0, >= 1.0.9)
      rails (>= 5.0.0.beta3, < 5.1.0)

PATH
  remote: .
  specs:
    tenon (2.0.1)
      active_model_serializers
      awesome_nested_set
      cocoon
      date_time_attribute
      gravatar_image_tag
      haml
      humanizer
      jquery-fileupload-rails
      jquery-rails
      mime-types
      non-stupid-digest-assets
      paperclip
      pg
      pundit
      rails (= 5.0.0.beta4)
      rails-settings-cached
      react-rails
      sprockets
      uglifier
      uuidtools
      will_paginate

GEM
  remote: https://rubygems.org/
  specs:
    actioncable (5.0.0.beta4)
      actionpack (= 5.0.0.beta4)
      nio4r (~> 1.2)
      websocket-driver (~> 0.6.1)
    actionmailer (5.0.0.beta4)
      actionpack (= 5.0.0.beta4)
      actionview (= 5.0.0.beta4)
      activejob (= 5.0.0.beta4)
      mail (~> 2.5, >= 2.5.4)
      rails-dom-testing (~> 1.0, >= 1.0.5)
    actionpack (5.0.0.beta4)
      actionview (= 5.0.0.beta4)
      activesupport (= 5.0.0.beta4)
      rack (~> 2.x)
      rack-test (~> 0.6.3)
      rails-dom-testing (~> 1.0, >= 1.0.5)
      rails-html-sanitizer (~> 1.0, >= 1.0.2)
    actionview (5.0.0.beta4)
      activesupport (= 5.0.0.beta4)
      builder (~> 3.1)
      erubis (~> 2.7.0)
      rails-dom-testing (~> 1.0, >= 1.0.5)
      rails-html-sanitizer (~> 1.0, >= 1.0.2)
    active_model_serializers (0.9.5)
      activemodel (>= 3.2)
    activejob (5.0.0.beta4)
      activesupport (= 5.0.0.beta4)
      globalid (>= 0.3.6)
    activemodel (5.0.0.beta4)
      activesupport (= 5.0.0.beta4)
    activerecord (5.0.0.beta4)
      activemodel (= 5.0.0.beta4)
      activesupport (= 5.0.0.beta4)
      arel (~> 7.0)
    activesupport (5.0.0.beta4)
      concurrent-ruby (~> 1.0)
      i18n (~> 0.7)
      minitest (~> 5.1)
      tzinfo (~> 1.1)
    addressable (2.4.0)
    ansi (1.5.0)
    arel (7.0.0)
    awesome_nested_set (3.0.3)
      activerecord (>= 4.0.0, < 5)
    babel-source (5.8.35)
    babel-transpiler (0.7.0)
      babel-source (>= 4.0, < 6)
      execjs (~> 2.0)
    bcrypt (3.1.10)
    builder (3.2.2)
    capybara (2.5.0)
      mime-types (>= 1.16)
      nokogiri (>= 1.3.3)
      rack (>= 1.0.0)
      rack-test (>= 0.5.4)
      xpath (~> 2.0)
    capybara-webkit (1.7.1)
      capybara (>= 2.3.0, < 2.6.0)
      json
    climate_control (0.0.3)
      activesupport (>= 3.0)
    cocaine (0.5.8)
      climate_control (>= 0.0.3, < 1.0)
    cocoon (1.2.9)
    coffee-script-source (1.10.0)
    concurrent-ruby (1.0.2)
    connection_pool (2.2.0)
    database_cleaner (1.5.1)
    date_time_attribute (0.1.2)
      activesupport (>= 3.0.0)
    erubis (2.7.0)
    execjs (2.6.0)
    factory_girl (4.5.0)
      activesupport (>= 3.0.0)
    factory_girl_rails (4.5.0)
      factory_girl (~> 4.5.0)
      railties (>= 3.0.0)
    globalid (0.3.6)
      activesupport (>= 4.1.0)
    gravatar_image_tag (1.2.0)
    haml (4.0.7)
      tilt
    humanizer (2.6.2)
    i18n (0.7.0)
    jquery-fileupload-rails (0.4.6)
      actionpack (>= 3.1)
      railties (>= 3.1)
      sass (>= 3.2)
    jquery-rails (4.1.0)
      rails-dom-testing (~> 1.0)
      railties (>= 4.2.0)
      thor (>= 0.14, < 2.0)
    js_regex (1.0.13)
      regexp_parser (= 0.3.2)
    json (1.8.3)
    launchy (2.4.3)
      addressable (~> 2.3)
    loofah (2.0.3)
      nokogiri (>= 1.5.9)
    mail (2.6.4)
      mime-types (>= 1.16, < 4)
    metaclass (0.0.4)
    method_source (0.8.2)
    mime-types (3.0)
      mime-types-data (~> 3.2015)
    mime-types-data (3.2016.0221)
    mimemagic (0.3.0)
    mini_portile2 (2.0.0)
    minitest (5.8.4)
    minitest-reporters (1.1.8)
      ansi
      builder
      minitest (>= 5.0)
      ruby-progressbar
    mocha (1.1.0)
      metaclass (~> 0.0.1)
    nio4r (1.2.1)
    nokogiri (1.6.7.2)
      mini_portile2 (~> 2.0.0.rc2)
    non-stupid-digest-assets (1.0.8)
      sprockets (>= 2.0)
    orm_adapter (0.5.0)
    paperclip (4.3.6)
      activemodel (>= 3.2.0)
      activesupport (>= 3.2.0)
      cocaine (~> 0.5.5)
      mime-types
      mimemagic (= 0.3.0)
    pg (0.18.4)
    pundit (1.1.0)
      activesupport (>= 3.0.0)
    quiet_assets (1.1.0)
      railties (>= 3.1, < 5.0)
    rack-test (0.6.3)
      rack (>= 1.0)
    rails (5.0.0.beta4)
      actioncable (= 5.0.0.beta4)
      actionmailer (= 5.0.0.beta4)
      actionpack (= 5.0.0.beta4)
      actionview (= 5.0.0.beta4)
      activejob (= 5.0.0.beta4)
      activemodel (= 5.0.0.beta4)
      activerecord (= 5.0.0.beta4)
      activesupport (= 5.0.0.beta4)
      bundler (>= 1.3.0, < 2.0)
      railties (= 5.0.0.beta4)
      sprockets-rails (>= 2.0.0)
    rails-controller-testing (0.1.1)
      actionpack (~> 5.x)
      actionview (~> 5.x)
      activesupport (~> 5.x)
    rails-deprecated_sanitizer (1.0.3)
      activesupport (>= 4.2.0.alpha)
    rails-dom-testing (1.0.7)
      activesupport (>= 4.2.0.beta, < 5.0)
      nokogiri (~> 1.6.0)
      rails-deprecated_sanitizer (>= 1.0.1)
    rails-html-sanitizer (1.0.3)
      loofah (~> 2.0)
    rails-settings-cached (0.6.3)
      rails (>= 4.2.0)
    railties (5.0.0.beta4)
      actionpack (= 5.0.0.beta4)
      activesupport (= 5.0.0.beta4)
      method_source
      rake (>= 0.8.7)
      thor (>= 0.18.1, < 2.0)
    rake (11.1.2)
    react-rails (1.7.0)
      babel-transpiler (>= 0.7.0)
      coffee-script-source (~> 1.8)
      connection_pool
      execjs
      rails (>= 3.2)
      tilt
    regexp_parser (0.3.2)
    request_store (1.3.0)
    responders (2.1.1)
      railties (>= 4.2.0, < 5.1)
    ruby-progressbar (1.8.0)
    sass (3.4.22)
    sprockets (3.6.0)
      concurrent-ruby (~> 1.0)
      rack (> 1, < 3)
    sprockets-rails (3.0.4)
      actionpack (>= 4.0)
      activesupport (>= 4.0)
      sprockets (>= 3.0.0)
    thor (0.19.1)
    thread_safe (0.3.5)
    tilt (2.0.2)
    tzinfo (1.2.2)
      thread_safe (~> 0.1)
    uglifier (3.0.0)
      execjs (>= 0.3.0, < 3)
    uuidtools (2.1.5)
    warden (1.2.4)
      rack (>= 1.0)
    websocket-driver (0.6.3)
      websocket-extensions (>= 0.1.0)
    websocket-extensions (0.1.2)
    will_paginate (3.1.0)
    xpath (2.0.0)
      nokogiri (~> 1.3)

PLATFORMS
  ruby

DEPENDENCIES
  activemodel-serializers-xml!
  capybara
  capybara-webkit
  client_side_validations!
  database_cleaner
  devise!
  draper!
  factory_girl_rails
  launchy
  minitest-reporters
  mocha
  quiet_assets
  rack!
  rails-controller-testing
  tenon!

BUNDLED WITH
   1.11.2
